GIT
  remote: git@github.com:Shopify/shopify_theme.git
  revision: 0bf21fbf25ea06b3a153883c88d4a91e32833fa0
  specs:
    shopify_theme (0.0.22)
      filewatcher
      httparty (~> 0.13.0)
      json (~> 1.8.0)
      launchy
      mimemagic
      thor (>= 0.14.4)

GEM
  remote: https://rubygems.org/
  specs:
    addressable (2.3.7)
    filewatcher (0.4.0)
      trollop (~> 2.0)
    httparty (0.13.3)
      json (~> 1.8)
      multi_xml (>= 0.5.2)
    json (1.8.2)
    launchy (2.4.3)
      addressable (~> 2.3)
    mimemagic (0.2.1)
    multi_xml (0.5.5)
    thor (0.19.1)
    trollop (2.1.1)

PLATFORMS
  ruby

DEPENDENCIES
  shopify_theme!

BUNDLED WITH
   1.10.4
